PATH
  remote: .
  specs:
    rdimensions (0.0.6)
      jeweler
      nokogiri (>= 1.4)
      rdimensions

GEM
  remote: https://rubygems.org/
  specs:
    diff-lcs (1.2.4)
    git (1.2.5)
    jeweler (1.8.4)
      bundler (~> 1.0)
      git (>= 1.2.5)
      rake
      rdoc
    json (1.7.7)
    nokogiri (1.5.9)
    rake (10.0.4)
    rdoc (4.0.1)
      json (~> 1.4)
    rspec (2.13.0)
      rspec-core (~> 2.13.0)
      rspec-expectations (~> 2.13.0)
      rspec-mocks (~> 2.13.0)
    rspec-core (2.13.1)
    rspec-expectations (2.13.0)
      diff-lcs (>= 1.1.3, < 2.0)
    rspec-mocks (2.13.1)

PLATFORMS
  ruby

DEPENDENCIES
  jeweler
  rdimensions!
  rspec
